PATH
  remote: .
  specs:
    fit4ruby (3.3.0)
      bindata (~> 2.4.8)

GEM
  remote: https://rubygems.org/
  specs:
    bindata (2.4.8)
    coderay (1.1.2)
    diff-lcs (1.3)
    method_source (0.9.2)
    pry (0.12.2)
      coderay (~> 1.1.0)
      method_source (~> 0.9.0)
    rake (12.3.3)
    rspec (3.8.0)
      rspec-core (~> 3.8.0)
      rspec-expectations (~> 3.8.0)
      rspec-mocks (~> 3.8.0)
    rspec-core (3.8.2)
      rspec-support (~> 3.8.0)
    rspec-expectations (3.8.4)
      diff-lcs (>= 1.2.0, < 2.0)
      rspec-support (~> 3.8.0)
    rspec-mocks (3.8.1)
      diff-lcs (>= 1.2.0, < 2.0)
      rspec-support (~> 3.8.0)
    rspec-support (3.8.2)
    yard (0.9.20)

PLATFORMS
  ruby

DEPENDENCIES
  bundler (>= 1.6.4)
  fit4ruby!
  pry (>= 0.12)
  rake (~> 12.3.3)
  rspec (>= 3.8)
  yard (~> 0.9.20)

BUNDLED WITH
   2.0.2
